GEM
  remote: https://rubygems.org/
  specs:
    base64 (0.3.0)
    byebug (12.0.0)
    coderay (1.1.3)
    daemons (1.4.1)
    eventmachine (1.2.7)
    ffi (1.17.2-x64-mingw-ucrt)
    json (2.12.2)
    method_source (1.1.0)
    multi_json (1.15.0)
    mustermann (3.0.3)
      ruby2_keywords (~> 0.0.1)
    pry (0.15.2)
      coderay (~> 1.1)
      method_source (~> 1.0)
    pry-byebug (3.11.0)
      byebug (~> 12.0)
      pry (>= 0.13, < 0.16)
    rack (2.2.17)
    rack-protection (3.2.0)
      base64 (>= 0.1.0)
      rack (~> 2.2, >= 2.2.4)
    ruby2_keywords (0.0.5)
    sinatra (3.2.0)
      mustermann (~> 3.0)
      rack (~> 2.2, >= 2.2.4)
      rack-protection (= 3.2.0)
      tilt (~> 2.0)
    sinatra-contrib (3.2.0)
      multi_json (>= 0.0.2)
      mustermann (~> 3.0)
      rack-protection (= 3.2.0)
      sinatra (= 3.2.0)
      tilt (~> 2.0)
    thin (1.8.2)
      daemons (~> 1.0, >= 1.0.9)
      eventmachine (~> 1.0, >= 1.0.4)
      rack (>= 1, < 3)
    thor (1.3.2)
    tilt (2.6.0)

PLATFORMS
  x64-mingw-ucrt

DEPENDENCIES
  ffi (~> 1.15)
  json (~> 2.6)
  pry (~> 0.14)
  pry-byebug (~> 3.10)
  sinatra (~> 3.0)
  sinatra-contrib (~> 3.0)
  thin (~> 1.8)
  thor (~> 1.2)

BUNDLED WITH
   2.5.22
